GEM
  remote: https://rubygems.org/
  specs:
    digest (3.1.1)

PLATFORMS
  ruby
  x86_64-linux

DEPENDENCIES
  digest

BUNDLED WITH
   2.5.17
